GEM
  remote: http://rubygems.org/
  specs:
    addressable (2.2.7)
    aws-ses (0.4.4)
      builder
      mail (> 2.2.5)
      mime-types
      xml-simple
    builder (3.0.0)
    coderay (1.0.6)
    crack (0.3.1)
    daemons (1.1.8)
    data_objects (0.10.8)
      addressable (~> 2.1)
    diff-lcs (1.1.3)
    dm-core (1.2.0)
      addressable (~> 2.2.6)
    dm-do-adapter (1.2.0)
      data_objects (~> 0.10.6)
      dm-core (~> 1.2.0)
    dm-migrations (1.2.0)
      dm-core (~> 1.2.0)
    dm-mysql-adapter (1.2.0)
      dm-do-adapter (~> 1.2.0)
      do_mysql (~> 0.10.6)
    dm-timestamps (1.2.0)
      dm-core (~> 1.2.0)
    do_mysql (0.10.8)
      data_objects (= 0.10.8)
    em-http-request (1.0.0)
      addressable (>= 2.2.3)
      em-socksify
      eventmachine (>= 1.0.0.beta.3)
      http_parser.rb (>= 0.5.2)
    em-resolv-replace (1.1.2)
    em-socksify (0.1.0)
      eventmachine
    em-synchrony (1.0.0)
      eventmachine (>= 1.0.0.beta.1)
    eventmachine (1.0.0.beta.3)
    faraday (0.7.6)
      addressable (~> 2.2)
      multipart-post (~> 1.1)
      rack (~> 1.1)
    geoloqi (0.9.27)
      faraday (>= 0.6.1)
      json
    hashie (1.0.0)
    http_parser.rb (0.5.3)
    i18n (0.6.0)
    json (1.5.3)
    kgio (2.7.4)
    mail (2.4.4)
      i18n (>= 0.4.0)
      mime-types (~> 1.16)
      treetop (~> 1.4.8)
    method_source (0.7.1)
    mime-types (1.18)
    multipart-post (1.1.5)
    polyglot (0.3.3)
    pry (0.9.8.4)
      coderay (~> 1.0.5)
      method_source (~> 0.7.1)
      slop (>= 2.4.4, < 3)
    pry-nav (0.2.0)
      pry (~> 0.9.8.1)
    rack (1.4.1)
    rack-cache (1.0.1)
      rack (>= 0.4)
    rack-fiber_pool (0.9.2)
    rack-mobile-detect (0.3.0)
      rack
    rack-test (0.5.7)
      rack (>= 1.0)
    rainbows (4.3.1)
      kgio (~> 2.5)
      rack (~> 1.1)
      unicorn (~> 4.1)
    raindrops (0.8.0)
    rake (0.8.7)
    rspec (2.5.0)
      rspec-core (~> 2.5.0)
      rspec-expectations (~> 2.5.0)
      rspec-mocks (~> 2.5.0)
    rspec-core (2.5.2)
    rspec-expectations (2.5.0)
      diff-lcs (~> 1.1.2)
    rspec-mocks (2.5.0)
    sinatra (1.2.6)
      rack (~> 1.1)
      tilt (>= 1.2.2, < 2.0)
    sinatra-synchrony (0.2.1)
      em-http-request (= 1.0.0)
      em-resolv-replace (>= 1.1.1)
      em-synchrony (= 1.0.0)
      eventmachine (= 1.0.0.beta.3)
      rack-fiber_pool (= 0.9.2)
      sinatra (>= 1.0)
    slop (2.4.4)
    thin (1.3.1)
      daemons (>= 1.0.9)
      eventmachine (>= 0.12.6)
      rack (>= 1.0.0)
    tilt (1.3.3)
    treetop (1.4.10)
      polyglot
      polyglot (>= 0.3.1)
    unicorn (4.2.1)
      kgio (~> 2.6)
      rack
      raindrops (~> 0.7)
    webmock (1.6.2)
      addressable (>= 2.2.2)
      crack (>= 0.1.7)
    xml-simple (1.1.1)

PLATFORMS
  ruby

DEPENDENCIES
  aws-ses
  dm-core (= 1.2.0)
  dm-migrations (= 1.2.0)
  dm-mysql-adapter (= 1.2.0)
  dm-timestamps (= 1.2.0)
  geoloqi (= 0.9.27)
  hashie (= 1.0.0)
  json (= 1.5.3)
  pry
  pry-nav
  rack-cache (= 1.0.1)
  rack-mobile-detect (= 0.3.0)
  rack-test (= 0.5.7)
  rainbows (= 4.3.1)
  rake (= 0.8.7)
  rspec (= 2.5.0)
  sinatra (= 1.2.6)
  sinatra-synchrony (= 0.2.1)
  thin
  webmock (= 1.6.2)
